PATH
  remote: C:/Projects/Fastlane/win-fastlane
  specs:
    fastlane (2.102.0)
      CFPropertyList (>= 2.3, < 4.0.0)
      addressable (>= 2.3, < 3.0.0)
      babosa (>= 1.0.2, < 2.0.0)
      bundler (>= 1.12.0, < 2.0.0)
      colored
      commander-fastlane (>= 4.4.6, < 5.0.0)
      dotenv (>= 2.1.1, < 3.0.0)
      emoji_regex (~> 0.1)
      excon (>= 0.45.0, < 1.0.0)
      faraday (~> 0.9)
      faraday-cookie_jar (~> 0.0.6)
      faraday_middleware (~> 0.9)
      fastimage (>= 2.1.0, < 3.0.0)
      gh_inspector (>= 1.1.2, < 2.0.0)
      google-api-client (>= 0.21.2, < 0.24.0)
      highline (>= 1.7.2, < 2.0.0)
      json (< 3.0.0)
      mini_magick (~> 4.5.1)
      multi_json
      multi_xml (~> 0.5)
      multipart-post (~> 2.0.0)
      plist (>= 3.1.0, < 4.0.0)
      public_suffix (~> 2.0.0)
      rubyzip (>= 1.2.1, < 2.0.0)
      security (= 0.1.3)
      simctl (~> 1.6.3)
      slack-notifier (>= 2.0.0, < 3.0.0)
      terminal-notifier (>= 1.6.2, < 2.0.0)
      terminal-table (>= 1.4.5, < 2.0.0)
      tty-screen (>= 0.6.3, < 1.0.0)
      tty-spinner (>= 0.8.0, < 1.0.0)
      word_wrap (~> 1.0.0)
      xcodeproj (>= 1.6.0, < 2.0.0)
      xcpretty (~> 0.2.8)
      xcpretty-travis-formatter (>= 0.0.3)

GEM
  remote: https://rubygems.org/
  specs:
    CFPropertyList (3.0.0)
    addressable (2.5.2)
      public_suffix (>= 2.0.2, < 4.0)
    ast (2.4.0)
    atomos (0.1.3)
    babosa (1.0.2)
    binding_of_caller (0.8.0)
      debug_inspector (>= 0.0.1)
    builder (3.2.3)
    byebug (10.0.2)
    claide (1.0.2)
    coderay (1.1.2)
    colored (1.2)
    colored2 (3.1.2)
    commander-fastlane (4.4.6)
      highline (~> 1.7.2)
    coveralls (0.8.22)
      json (>= 1.8, < 3)
      simplecov (~> 0.16.1)
      term-ansicolor (~> 1.3)
      thor (~> 0.19.4)
      tins (~> 1.6)
    crack (0.4.3)
      safe_yaml (~> 1.0.0)
    debug_inspector (0.0.3)
    declarative (0.0.10)
    declarative-option (0.1.0)
    diff-lcs (1.3)
    docile (1.3.1)
    domain_name (0.5.20180417)
      unf (>= 0.0.5, < 1.0.0)
    dotenv (2.5.0)
    emoji_regex (0.1.1)
    excon (0.62.0)
    fakefs (0.8.1)
    faraday (0.15.2)
      multipart-post (>= 1.2, < 3)
    faraday-cookie_jar (0.0.6)
      faraday (>= 0.7.4)
      http-cookie (~> 1.0.0)
    faraday_middleware (0.12.2)
      faraday (>= 0.7.4, < 1.0)
    fastimage (2.1.3)
    ffi (1.9.25-x64-mingw32)
    gh_inspector (1.1.3)
    google-api-client (0.23.7)
      addressable (~> 2.5, >= 2.5.1)
      googleauth (>= 0.5, < 0.7.0)
      httpclient (>= 2.8.1, < 3.0)
      mime-types (~> 3.0)
      representable (~> 3.0)
      retriable (>= 2.0, < 4.0)
      signet (~> 0.9)
    googleauth (0.6.6)
      faraday (~> 0.12)
      jwt (>= 1.4, < 3.0)
      memoist (~> 0.12)
      multi_json (~> 1.11)
      os (>= 0.9, < 2.0)
      signet (~> 0.7)
    hashdiff (0.3.7)
    highline (1.7.10)
    http-cookie (1.0.3)
      domain_name (~> 0.5)
    httpclient (2.8.3)
    interception (0.5)
    json (2.1.0)
    jwt (2.1.0)
    memoist (0.16.0)
    method_source (0.9.0)
    mime-types (3.2.2)
      mime-types-data (~> 3.2015)
    mime-types-data (3.2018.0812)
    mini_magick (4.5.1)
    multi_json (1.13.1)
    multi_xml (0.6.0)
    multipart-post (2.0.0)
    nanaimo (0.2.6)
    naturally (2.2.0)
    netrc (0.11.0)
    os (1.0.0)
    parallel (1.12.1)
    parser (2.5.1.2)
      ast (~> 2.4.0)
    plist (3.4.0)
    powerpack (0.1.2)
    pry (0.11.3)
      coderay (~> 1.1.0)
      method_source (~> 0.9.0)
    pry-byebug (3.6.0)
      byebug (~> 10.0)
      pry (~> 0.10)
    pry-rescue (1.4.5)
      interception (>= 0.5)
      pry
    pry-stack_explorer (0.4.9.2)
      binding_of_caller (>= 0.7)
      pry (>= 0.9.11)
    public_suffix (2.0.5)
    rack (1.6.10)
    rack-protection (1.5.5)
      rack
    rainbow (2.2.2)
      rake
    rake (11.3.0)
    rb-readline (0.5.5)
    representable (3.0.4)
      declarative (< 0.1.0)
      declarative-option (< 0.2.0)
      uber (< 0.2.0)
    rest-client (2.0.2-x64-mingw32)
      ffi (~> 1.9)
      http-cookie (>= 1.0.2, < 2.0)
      mime-types (>= 1.16, < 4.0)
      netrc (~> 0.8)
    retriable (3.1.2)
    rouge (2.0.7)
    rspec (3.5.0)
      rspec-core (~> 3.5.0)
      rspec-expectations (~> 3.5.0)
      rspec-mocks (~> 3.5.0)
    rspec-core (3.5.4)
      rspec-support (~> 3.5.0)
    rspec-expectations (3.5.0)
      diff-lcs (>= 1.2.0, < 2.0)
      rspec-support (~> 3.5.0)
    rspec-mocks (3.5.0)
      diff-lcs (>= 1.2.0, < 2.0)
      rspec-support (~> 3.5.0)
    rspec-support (3.5.0)
    rspec_junit_formatter (0.2.3)
      builder (< 4)
      rspec-core (>= 2, < 4, != 2.12.0)
    rubocop (0.49.1)
      parallel (~> 1.10)
      parser (>= 2.3.3.1, < 3.0)
      powerpack (~> 0.1)
      rainbow (>= 1.99.1, < 3.0)
      ruby-progressbar (~> 1.7)
      unicode-display_width (~> 1.0, >= 1.0.1)
    rubocop-require_tools (0.1.2)
      rubocop (>= 0.49.1)
    ruby-progressbar (1.10.0)
    rubyzip (1.2.2)
    safe_yaml (1.0.4)
    security (0.1.3)
    signet (0.9.1)
      addressable (~> 2.3)
      faraday (~> 0.9)
      jwt (>= 1.5, < 3.0)
      multi_json (~> 1.10)
    simctl (1.6.5)
      CFPropertyList
      naturally
    simplecov (0.16.1)
      docile (~> 1.1)
      json (>= 1.8, < 3)
      simplecov-html (~> 0.10.0)
    simplecov-html (0.10.2)
    sinatra (1.4.8)
      rack (~> 1.5)
      rack-protection (~> 1.4)
      tilt (>= 1.3, < 3)
    slack-notifier (2.3.2)
    term-ansicolor (1.6.0)
      tins (~> 1.0)
    terminal-notifier (1.8.0)
    terminal-table (1.8.0)
      unicode-display_width (~> 1.1, >= 1.1.1)
    thor (0.19.4)
    tilt (2.0.8)
    tins (1.16.3)
    tty-cursor (0.6.0)
    tty-screen (0.6.5)
    tty-spinner (0.8.0)
      tty-cursor (>= 0.5.0)
    uber (0.1.0)
    unf (0.1.4)
      unf_ext
    unf_ext (0.0.7.5-x64-mingw32)
    unicode-display_width (1.4.0)
    webmock (2.3.2)
      addressable (>= 2.3.6)
      crack (>= 0.3.2)
      hashdiff
    word_wrap (1.0.0)
    xcodeproj (1.6.0)
      CFPropertyList (>= 2.3.3, < 4.0)
      atomos (~> 0.1.3)
      claide (>= 1.0.2, < 2.0)
      colored2 (~> 3.1)
      nanaimo (~> 0.2.6)
    xcov (1.4.3)
      fastlane (>= 2.82.0, < 3.0.0)
      multipart-post
      slack-notifier
      terminal-table
      xcodeproj
    xcpretty (0.2.8)
      rouge (~> 2.0.7)
    xcpretty-travis-formatter (1.0.0)
      xcpretty (~> 0.2, >= 0.0.7)
    yard (0.9.16)

PLATFORMS
  x64-mingw32

DEPENDENCIES
  coveralls (~> 0.8.13)
  fakefs (~> 0.8.1)
  fastlane!
  pry
  pry-byebug
  pry-rescue
  pry-stack_explorer
  rake (< 12)
  rb-readline
  rest-client (>= 1.8.0)
  rspec (~> 3.5.0)
  rspec_junit_formatter (~> 0.2.3)
  rubocop (= 0.49.1)
  rubocop-require_tools (>= 0.1.2)
  sinatra (~> 1.4.8)
  webmock (~> 2.3.2)
  xcov (~> 1.4.1)
  yard (~> 0.9.11)

BUNDLED WITH
   1.16.3
